
type = string-attribute
name = HISTORY_NOTE
count = 241
'[kirwan@m7int01: Wed Feb 27 11:21:21 2019] {AFNI_18.3.16:linux_openmp_64} 3dcopy vold2_mni_brain.nii.gz vold2_mni_brain+tlrc\n[kirwan@m8int01: Thu Feb 28 13:19:24 2019] {AFNI_18.3.16:linux_openmp_64} 3drefit -space MNI vold2_mni_brain+tlrc.~

type = string-attribute
name = TYPESTRING
count = 15
'3DIM_HEAD_ANAT~

type = string-attribute
name = IDCODE_STRING
count = 27
'XYZ_OudjukgkTDBfbSZi-cc-hA~

type = string-attribute
name = IDCODE_DATE
count = 25
'Wed Feb 27 11:21:21 2019~

type = integer-attribute
name = SCENE_DATA
count = 8
 2 11 0 -999 -999
 -999 -999 -999

type = string-attribute
name = LABEL_1
count = 5
'zyxt~

type = string-attribute
name = LABEL_2
count = 5
'zyxt~

type = string-attribute
name = DATASET_NAME
count = 5
'zyxt~

type = integer-attribute
name = ORIENT_SPECIFIC
count = 3
 1 2 4

type  = float-attribute
name  = ORIGIN
count = 3
             96            132            -78

type  = float-attribute
name  = DELTA
count = 3
             -1             -1              1

type  = float-attribute
name  = IJK_TO_DICOM
count = 12
             -1              0              0             96              0
             -1              0            132              0              0
              1            -78

type  = float-attribute
name  = IJK_TO_DICOM_REAL
count = 12
             -1              0              0             96              0
             -1              0            132              0              0
              1            -78

type  = float-attribute
name  = BRICK_STATS
count = 2
              0       5.808453

type = integer-attribute
name = DATASET_RANK
count = 8
 3 1 0 0 0
 0 0 0

type = integer-attribute
name = DATASET_DIMENSIONS
count = 5
 193 229 193 0 0

type = integer-attribute
name = BRICK_TYPES
count = 1
 3

type  = float-attribute
name  = BRICK_FLOAT_FACS
count = 1
              0

type = string-attribute
name = TEMPLATE_SPACE
count = 4
'MNI~

type = integer-attribute
name = INT_CMAP
count = 1
 0

type = string-attribute
name = BYTEORDER_STRING
count = 10
'LSB_FIRST~

type = string-attribute
name = BRICK_LABS
count = 3
'#0~

type = string-attribute
name = BRICK_KEYWORDS
count = 1
'~
